GEM
  remote: https://rubygems.org/
  specs:
    addressable (2.3.3)
    faraday (0.8.6)
      multipart-post (~> 1.1)
    faraday_middleware (0.9.0)
      faraday (>= 0.7.4, < 0.9)
    hashie (1.2.0)
    multi_json (1.7.2)
    multipart-post (1.2.0)
    netrc (0.7.7)
    nokogiri (1.5.9)
    octokit (1.23.0)
      addressable (~> 2.2)
      faraday (~> 0.8)
      faraday_middleware (~> 0.9)
      hashie (~> 1.2)
      multi_json (~> 1.3)
      netrc (~> 0.7.7)
    stringex (1.5.1)

PLATFORMS
  ruby

DEPENDENCIES
  nokogiri
  octokit
  stringex
